GIT
  remote: https://github.com/jamesgolick/rollout
  revision: 3e7312cc018061b1ac6a8aeb9f11bbd0331da889
  ref: v1.1.0
  specs:
    rollout (1.1.0)

GIT
  remote: https://github.com/joshk/jemalloc-rb
  revision: 8c9dbef98f6bd4f96b371ec336b7e0c4fdc02d49
  specs:
    jemalloc (1.4.5)

GIT
  remote: https://github.com/travis-ci/metriks
  revision: 9b5a34fecebecc741417b25e43c340394aa6cc5e
  specs:
    metriks (0.9.9.8)
      HDRHistogram (~> 0.1.3)
      atomic (~> 1.0)
      avl_tree (~> 1.2.0)
      hitimes (~> 1.1)

GIT
  remote: https://github.com/travis-ci/metriks-librato_metrics
  revision: 7ec1c97f4f6f783d2a04c7922baac98a9fbbba25
  specs:
    metriks-librato_metrics (1.0.6)
      metriks (>= 0.9.9.6)

GIT
  remote: https://github.com/travis-ci/travis-exceptions
  revision: ab236981f810b820bc3ebfaf33f317bbaa9b3465
  specs:
    travis-exceptions (0.0.2)
      sentry-raven

GIT
  remote: https://github.com/travis-ci/travis-metrics
  revision: 9be3e37e09a1f89dcb6566132bb9dce276003205
  specs:
    travis-metrics (2.0.0)
      metriks-librato_metrics (~> 1.0)

GIT
  remote: https://github.com/travis-ci/travis-support
  revision: 77f8dad236002e6103cfdb796308e1a11d8d441e
  specs:
    travis-support (0.0.1)

GEM
  remote: https://rubygems.org/
  remote: https://gems.contribsys.com/
  specs:
    HDRHistogram (0.1.8)
    activesupport (4.2.10)
      i18n (~> 0.7)
      minitest (~> 5.1)
      thread_safe (~> 0.3, >= 0.3.4)
      tzinfo (~> 1.1)
    addressable (2.5.2)
      public_suffix (>= 2.0.2, < 4.0)
    atomic (1.1.101)
    avl_tree (1.2.1)
      atomic (~> 1.1)
    coderay (1.1.2)
    concurrent-ruby (1.0.5)
    connection_pool (2.2.2)
    crack (0.4.3)
      safe_yaml (~> 1.0.0)
    diff-lcs (1.3)
    faraday (0.15.3)
      multipart-post (>= 1.2, < 3)
    ffi (1.9.25)
    foreman (0.85.0)
      thor (~> 0.19.1)
    formatador (0.2.5)
    guard (2.14.2)
      formatador (>= 0.2.4)
      listen (>= 2.7, < 4.0)
      lumberjack (>= 1.0.12, < 2.0)
      nenv (~> 0.1)
      notiffany (~> 0.0)
      pry (>= 0.9.12)
      shellany (~> 0.0)
      thor (>= 0.18.1)
    guard-rspec (4.3.1)
      guard (~> 2.1)
      rspec (>= 2.14, < 4.0)
    hashr (2.0.1)
    hitimes (1.3.0)
    httpclient (2.8.3)
    i18n (0.9.5)
      concurrent-ruby (~> 1.0)
    listen (3.1.5)
      rb-fsevent (~> 0.9, >= 0.9.4)
      rb-inotify (~> 0.9, >= 0.9.7)
      ruby_dep (~> 1.2)
    lumberjack (1.0.13)
    metaclass (0.0.4)
    method_source (0.9.0)
    minitest (5.11.3)
    mocha (0.10.5)
      metaclass (~> 0.0.1)
    multi_json (1.13.1)
    multipart-post (2.0.0)
    nenv (0.3.0)
    notiffany (0.1.1)
      nenv (~> 0.1)
      shellany (~> 0.0)
    pry (0.11.3)
      coderay (~> 1.1.0)
      method_source (~> 0.9.0)
    public_suffix (3.0.3)
    pusher (0.15.2)
      httpclient (~> 2.5)
      multi_json (~> 1.0)
      pusher-signature (~> 0.1.8)
    pusher-signature (0.1.8)
    rack (2.0.5)
    rack-protection (2.0.4)
      rack
    rb-fsevent (0.10.3)
    rb-inotify (0.9.10)
      ffi (>= 0.5.0, < 2)
    redis (4.0.2)
    redis-namespace (1.6.0)
      redis (>= 3.0.4)
    rspec (2.14.1)
      rspec-core (~> 2.14.0)
      rspec-expectations (~> 2.14.0)
      rspec-mocks (~> 2.14.0)
    rspec-core (2.14.8)
    rspec-expectations (2.14.5)
      diff-lcs (>= 1.1.3, < 2.0)
    rspec-mocks (2.14.6)
    ruby_dep (1.5.0)
    safe_yaml (1.0.4)
    sentry-raven (2.7.4)
      faraday (>= 0.7.6, < 1.0)
    shellany (0.0.1)
    sidekiq (5.2.2)
      connection_pool (~> 2.2, >= 2.2.2)
      rack-protection (>= 1.5.0)
      redis (>= 3.3.5, < 5)
    sidekiq-pro (4.0.4)
      concurrent-ruby (>= 1.0.5)
      sidekiq (>= 5.2.1)
    thor (0.19.4)
    thread_safe (0.3.6)
    travis-config (1.0.13)
      hashr (~> 2.0.0)
    tzinfo (1.2.5)
      thread_safe (~> 0.1)
    webmock (1.8.11)
      addressable (>= 2.2.7)
      crack (>= 0.1.7)

PLATFORMS
  ruby

DEPENDENCIES
  activesupport (~> 4.2.5)
  foreman
  guard
  guard-rspec
  jemalloc!
  metriks!
  metriks-librato_metrics!
  mocha (~> 0.10.0)
  multi_json
  pusher (~> 0.15.1)
  redis-namespace
  rollout!
  rspec (~> 2.14.0)
  sentry-raven
  sidekiq-pro!
  travis-config (~> 1.0.3)
  travis-exceptions!
  travis-metrics!
  travis-support!
  webmock (~> 1.8.0)

RUBY VERSION
   ruby 2.4.2p198

BUNDLED WITH
   1.16.1
