GIT
  remote: https://github.com/jamesgolick/rollout.git
  revision: 3e7312cc018061b1ac6a8aeb9f11bbd0331da889
  ref: v1.1.0
  specs:
    rollout (1.1.0)

GIT
  remote: https://github.com/travis-ci/jemalloc-rb
  revision: 9f5f6c050d30f47e1ed71248e52f9964a588fb87
  branch: jemalloc-v-3-new-rake
  specs:
    jemalloc (1.1.2)

GIT
  remote: https://github.com/travis-ci/metriks
  revision: 9b5a34fecebecc741417b25e43c340394aa6cc5e
  specs:
    metriks (0.9.9.8)
      HDRHistogram (~> 0.1.3)
      atomic (~> 1.0)
      avl_tree (~> 1.2.0)
      hitimes (~> 1.1)

GIT
  remote: https://github.com/travis-ci/metriks-librato_metrics
  revision: 7ec1c97f4f6f783d2a04c7922baac98a9fbbba25
  specs:
    metriks-librato_metrics (1.0.6)
      metriks (>= 0.9.9.6)

GIT
  remote: https://github.com/travis-ci/travis-exceptions.git
  revision: ab236981f810b820bc3ebfaf33f317bbaa9b3465
  specs:
    travis-exceptions (0.0.2)
      sentry-raven

GIT
  remote: https://github.com/travis-ci/travis-metrics.git
  revision: 5beacbbf767ae487c0097403c822952068f26f94
  specs:
    travis-metrics (2.0.0)
      metriks-librato_metrics (~> 1.0)

GIT
  remote: https://github.com/travis-ci/travis-support.git
  revision: 77f8dad236002e6103cfdb796308e1a11d8d441e
  specs:
    travis-support (0.0.1)

GEM
  remote: https://gems.contribsys.com/
  specs:
    sidekiq-pro (5.3.1)
      sidekiq (>= 6.3.0)

GEM
  remote: https://rubygems.org/
  specs:
    HDRHistogram (0.1.3)
    activesupport (5.2.6.2)
      concurrent-ruby (~> 1.0, >= 1.0.2)
      i18n (>= 0.7, < 2)
      minitest (~> 5.1)
      tzinfo (~> 1.1)
    addressable (2.8.0)
      public_suffix (>= 2.0.2, < 5.0)
    atomic (1.1.99)
    avl_tree (1.2.1)
      atomic (~> 1.1)
    coderay (1.1.1)
    concurrent-ruby (1.1.9)
    connection_pool (2.2.5)
    crack (0.4.3)
      safe_yaml (~> 1.0.0)
    diff-lcs (1.3)
    faraday (0.12.1)
      multipart-post (>= 1.2, < 3)
    ffi (1.13.1)
    foreman (0.84.0)
      thor (~> 0.19.1)
    formatador (0.2.5)
    guard (2.14.1)
      formatador (>= 0.2.4)
      listen (>= 2.7, < 4.0)
      lumberjack (~> 1.0)
      nenv (~> 0.1)
      notiffany (~> 0.0)
      pry (>= 0.9.12)
      shellany (~> 0.0)
      thor (>= 0.18.1)
    guard-rspec (4.3.1)
      guard (~> 2.1)
      rspec (>= 2.14, < 4.0)
    hashr (2.0.1)
    hitimes (1.2.6)
    httpclient (2.8.3)
    i18n (1.10.0)
      concurrent-ruby (~> 1.0)
    listen (3.1.5)
      rb-fsevent (~> 0.9, >= 0.9.4)
      rb-inotify (~> 0.9, >= 0.9.7)
      ruby_dep (~> 1.2)
    lumberjack (1.0.12)
    metaclass (0.0.4)
    method_source (0.8.2)
    minitest (5.15.0)
    mocha (0.10.5)
      metaclass (~> 0.0.1)
    multi_json (1.12.1)
    multipart-post (2.0.0)
    nenv (0.3.0)
    notiffany (0.1.1)
      nenv (~> 0.1)
      shellany (~> 0.0)
    pry (0.10.4)
      coderay (~> 1.1.0)
      method_source (~> 0.8.1)
      slop (~> 3.4)
    public_suffix (4.0.6)
    pusher (0.15.2)
      httpclient (~> 2.5)
      multi_json (~> 1.0)
      pusher-signature (~> 0.1.8)
    pusher-signature (0.1.8)
    rack (2.2.3)
    rake (13.0.6)
    rb-fsevent (0.10.2)
    rb-inotify (0.9.10)
      ffi (>= 0.5.0, < 2)
    redis (4.2.5)
    redis-namespace (1.8.1)
      redis (>= 3.0.4)
    rspec (2.14.1)
      rspec-core (~> 2.14.0)
      rspec-expectations (~> 2.14.0)
      rspec-mocks (~> 2.14.0)
    rspec-core (2.14.8)
    rspec-expectations (2.14.5)
      diff-lcs (>= 1.1.3, < 2.0)
    rspec-mocks (2.14.6)
    ruby_dep (1.5.0)
    safe_yaml (1.0.4)
    sentry-raven (2.5.3)
      faraday (>= 0.7.6, < 1.0)
    shellany (0.0.1)
    sidekiq (6.4.1)
      connection_pool (>= 2.2.2)
      rack (~> 2.0)
      redis (>= 4.2.0)
    slop (3.6.0)
    thor (0.19.4)
    thread_safe (0.3.6)
    travis-config (1.0.13)
      hashr (~> 2.0.0)
    tzinfo (1.2.9)
      thread_safe (~> 0.1)
    webmock (1.8.11)
      addressable (>= 2.2.7)
      crack (>= 0.1.7)

PLATFORMS
  ruby

DEPENDENCIES
  activesupport (~> 5.2.6.1)
  foreman
  guard
  guard-rspec
  jemalloc!
  metriks!
  metriks-librato_metrics!
  mocha (~> 0.10.0)
  multi_json
  pusher (~> 0.15.1)
  rake (~> 13.0.6)
  redis (~> 4.2.0)
  redis-namespace (~> 1.8.1)
  rollout!
  rspec (~> 2.14.0)
  sentry-raven
  sidekiq (~> 6.4.0)
  sidekiq-pro!
  travis-config (~> 1.0.3)
  travis-exceptions!
  travis-metrics!
  travis-support!
  webmock (~> 1.8.0)

RUBY VERSION
   ruby 2.7.5p362

BUNDLED WITH
   2.3.7
